PATH
  remote: .
  specs:
    hobson-server (0.0.1)
      activemodel
      ohm (>= 1.0.2)
      popen4
      resque

GEM
  remote: https://rubygems.org/
  specs:
    Platform (0.4.0)
    activemodel (3.2.6)
      activesupport (= 3.2.6)
      builder (~> 3.0.0)
    activesupport (3.2.6)
      i18n (~> 0.6)
      multi_json (~> 1.0)
    builder (3.0.0)
    columnize (0.3.6)
    debugger (1.1.3)
      columnize (>= 0.3.1)
      debugger-linecache (~> 1.1.1)
      debugger-ruby_core_source (~> 1.1.2)
    debugger-linecache (1.1.1)
      debugger-ruby_core_source (>= 1.1.1)
    debugger-ruby_core_source (1.1.2)
    diff-lcs (1.1.3)
    i18n (0.6.0)
    json (1.7.3)
    multi_json (1.3.6)
    nest (1.1.1)
      redis
    ohm (1.0.2)
      nest (~> 1.0)
      redis (~> 2.2)
      scrivener (~> 0.0.3)
    open4 (1.3.0)
    popen4 (0.1.2)
      Platform (>= 0.4.0)
      open4 (>= 0.4.0)
    rack (1.4.1)
    rack-protection (1.2.0)
      rack
    redis (2.2.2)
    redis-namespace (1.1.0)
      redis (< 3.0.0)
    resque (1.21.0)
      multi_json (~> 1.0)
      redis-namespace (~> 1.0)
      sinatra (>= 0.9.2)
      vegas (~> 0.1.2)
    resque_unit (0.4.4)
      json (>= 1.4.6)
    rspec (2.8.0)
      rspec-core (~> 2.8.0)
      rspec-expectations (~> 2.8.0)
      rspec-mocks (~> 2.8.0)
    rspec-core (2.8.0)
    rspec-expectations (2.8.0)
      diff-lcs (~> 1.1.2)
    rspec-mocks (2.8.0)
    scrivener (0.0.3)
    shotgun (0.9)
      rack (>= 1.0)
    sinatra (1.3.2)
      rack (~> 1.3, >= 1.3.6)
      rack-protection (~> 1.2)
      tilt (~> 1.3, >= 1.3.3)
    tilt (1.3.3)
    vegas (0.1.11)
      rack (>= 1.0.0)

PLATFORMS
  ruby

DEPENDENCIES
  debugger
  hobson-server!
  resque_unit
  rspec
  shotgun
